GEM
  remote: http://rubygems.org/
  specs:
    builder (3.0.0)
    cucumber (1.2.1)
      builder (>= 2.1.2)
      diff-lcs (>= 1.1.3)
      gherkin (~> 2.11.0)
      json (>= 1.4.6)
    diff-lcs (1.1.3)
    gherkin (2.11.1)
      json (>= 1.4.6)
    gherkin (2.11.1-x86-mingw32)
      json (>= 1.4.6)
    json (1.7.3)
    mynyml-redgreen (0.7.1)
      term-ansicolor (>= 1.0.4)
    rspec (2.11.0)
      rspec-core (~> 2.11.0)
      rspec-expectations (~> 2.11.0)
      rspec-mocks (~> 2.11.0)
    rspec-core (2.11.0)
    rspec-expectations (2.11.1)
      diff-lcs (~> 1.1.3)
    rspec-mocks (2.11.1)
    term-ansicolor (1.0.7)
    test-unit (2.5.1)

PLATFORMS
  ruby
  x86-mingw32

DEPENDENCIES
  cucumber
  mynyml-redgreen
  rspec
  test-unit
