GEM
  remote: http://rubygems.org/
  specs:
    builder (3.2.0)
    cucumber (1.2.3)
      builder (>= 2.1.2)
      diff-lcs (>= 1.1.3)
      gherkin (~> 2.11.6)
      multi_json (~> 1.3)
    diff-lcs (1.2.1)
    gherkin (2.11.6)
      json (>= 1.7.6)
    json (1.7.7)
    multi_json (1.6.1)
    mynyml-redgreen (0.7.1)
      term-ansicolor (>= 1.0.4)
    rspec (2.13.0)
      rspec-core (~> 2.13.0)
      rspec-expectations (~> 2.13.0)
      rspec-mocks (~> 2.13.0)
    rspec-core (2.13.1)
    rspec-expectations (2.13.0)
      diff-lcs (>= 1.1.3, < 2.0)
    rspec-mocks (2.13.0)
    term-ansicolor (1.1.1)
    test-unit (2.3.2)

PLATFORMS
  ruby

DEPENDENCIES
  cucumber
  mynyml-redgreen
  rspec
  test-unit
