GEM
  remote: https://rubygems.org/
  specs:
    builder (3.2.2)
    cucumber (1.3.1)
      builder (>= 2.1.2)
      diff-lcs (>= 1.1.3)
      gherkin (~> 2.12.0)
      multi_json (~> 1.3)
    diff-lcs (1.2.5)
    gherkin (2.12.2)
      multi_json (~> 1.3)
    gherkin (2.12.2-x86-mingw32)
      multi_json (~> 1.3)
    json (1.7.7)
    multi_json (1.8.2)
    mynyml-redgreen (0.7.1)
      term-ansicolor (>= 1.0.4)
    rspec (2.13.0)
      rspec-core (~> 2.13.0)
      rspec-expectations (~> 2.13.0)
      rspec-mocks (~> 2.13.0)
    rspec-core (2.13.1)
    rspec-expectations (2.13.0)
      diff-lcs (>= 1.1.3, < 2.0)
    rspec-mocks (2.13.1)
    term-ansicolor (1.2.2)
      tins (~> 0.8)
    test-unit (2.5.4)
    tins (0.13.1)

PLATFORMS
  ruby
  x86-mingw32

DEPENDENCIES
  cucumber (= 1.3.1)
  json (= 1.7.7)
  mynyml-redgreen (= 0.7.1)
  rspec (= 2.13.0)
  test-unit (= 2.5.4)
